GEM
  remote: https://rubygems.org/
  specs:
    alexa_rubykit (1.2.1)
      bundler (~> 1.7)
      rake
    json (2.0.2)
    rack (1.6.5)
    rack-protection (1.5.3)
      rack
    rake (12.0.0)
    sinatra (1.4.8)
      rack (~> 1.5)
      rack-protection (~> 1.4)
      tilt (>= 1.3, < 3)
    tilt (2.0.7)

PLATFORMS
  ruby

DEPENDENCIES
  alexa_rubykit
  json
  sinatra

BUNDLED WITH
   1.13.7
